GEM
  remote: https://rubygems.org/
  specs:
    addressable (2.5.1)
      public_suffix (~> 2.0, >= 2.0.2)
    autoprefixer-rails (7.1.2.3)
      execjs
    babel-source (5.8.35)
    babel-transpiler (0.7.0)
      babel-source (>= 4.0, < 6)
      execjs (~> 2.0)
    colorator (1.1.0)
    concurrent-ruby (1.0.5)
    execjs (2.7.0)
    extras (0.3.0)
      forwardable-extended (~> 2.5)
    fastimage (2.1.0)
    ffi (1.9.18)
    forwardable-extended (2.6.0)
    jekyll (3.5.1)
      addressable (~> 2.4)
      colorator (~> 1.0)
      jekyll-sass-converter (~> 1.0)
      jekyll-watch (~> 1.1)
      kramdown (~> 1.3)
      liquid (~> 4.0)
      mercenary (~> 0.3.3)
      pathutil (~> 0.9)
      rouge (~> 1.7)
      safe_yaml (~> 1.0)
    jekyll-assets (2.3.2)
      concurrent-ruby (~> 1.0)
      extras (~> 0.2)
      fastimage (~> 2.0, >= 1.8)
      jekyll (~> 3.1, >= 3.0)
      pathutil (>= 0.8)
      rack (~> 1.6)
      sprockets (~> 3.3, < 3.8)
    jekyll-feed (0.9.2)
      jekyll (~> 3.3)
    jekyll-sass-converter (1.5.0)
      sass (~> 3.4)
    jekyll-watch (1.5.0)
      listen (~> 3.0, < 3.1)
    kramdown (1.14.0)
    liquid (4.0.0)
    listen (3.0.8)
      rb-fsevent (~> 0.9, >= 0.9.4)
      rb-inotify (~> 0.9, >= 0.9.7)
    mercenary (0.3.6)
    mini_magick (4.8.0)
    minima (2.1.1)
      jekyll (~> 3.3)
    pathutil (0.14.0)
      forwardable-extended (~> 2.6)
    public_suffix (2.0.5)
    rack (1.6.8)
    rb-fsevent (0.10.2)
    rb-inotify (0.9.10)
      ffi (>= 0.5.0, < 2)
    rouge (1.11.1)
    safe_yaml (1.0.4)
    sass (3.5.1)
      sass-listen (~> 4.0.0)
    sass-listen (4.0.0)
      rb-fsevent (~> 0.9, >= 0.9.4)
      rb-inotify (~> 0.9, >= 0.9.7)
    sprockets (3.7.1)
      concurrent-ruby (~> 1.0)
      rack (> 1, < 3)
    sprockets-es6 (0.9.2)
      babel-source (>= 5.8.11)
      babel-transpiler
      sprockets (>= 3.0.0)

PLATFORMS
  ruby

DEPENDENCIES
  autoprefixer-rails
  jekyll (= 3.5.1)
  jekyll-assets
  jekyll-feed (~> 0.6)
  mini_magick
  minima (~> 2.0)
  sprockets-es6
  tzinfo-data

BUNDLED WITH
   1.15.3
